GEM
  remote: https://rubygems.org/
  specs:
    asdf (0.5.0)
      rack (~> 1.2.1)
    coderay (1.0.6)
    coffee-script (2.2.0)
      coffee-script-source
      execjs
    coffee-script-source (1.6.2)
    colored (1.2)
    command_line_reporter (3.2.1)
      colored (>= 1.2)
    cri (2.3.0)
      colored (>= 1.2)
    execjs (1.4.0)
      multi_json (~> 1.0)
    kramdown (0.14.2)
    listen (0.7.3)
    method_source (0.7.1)
    mime-types (1.22)
    multi_json (1.7.2)
    nanoc (3.6.2)
      cri (~> 2.3)
    nokogiri (1.5.9)
    pry (0.9.9.6)
      coderay (~> 1.0.5)
      method_source (~> 0.7.1)
      slop (>= 2.4.4, < 3)
    rack (1.2.8)
    rake (10.0.4)
    sass (3.2.7)
    slop (2.4.4)

PLATFORMS
  ruby

DEPENDENCIES
  asdf
  coderay
  coffee-script
  command_line_reporter
  kramdown
  listen
  mime-types
  nanoc
  nokogiri
  pry
  rake
  sass
