GEM
  remote: https://rubygems.org/
  specs:
    asdf (0.5.0)
      rack (~> 1.2.1)
    coffee-script (2.2.0)
      coffee-script-source
      execjs
    coffee-script-source (1.6.2)
    colored (1.2)
    cri (2.3.0)
      colored (>= 1.2)
    execjs (1.4.0)
      multi_json (~> 1.0)
    listen (0.7.3)
    mime-types (1.22)
    multi_json (1.7.2)
    nanoc (3.6.2)
      cri (~> 2.3)
    rack (1.2.8)
    sass (3.2.7)

PLATFORMS
  ruby

DEPENDENCIES
  asdf
  coffee-script
  listen
  mime-types
  nanoc
  sass
